PATH
  remote: .
  specs:
    http_router_sinatra (0.0.1)
      http_router (~> 0.6.0)
      sinatra (~> 1.2.0)

GEM
  remote: http://rubygems.org/
  specs:
    http_router (0.6.1)
      rack (>= 1.0.0)
      url_mount (~> 0.2.1)
    rack (1.2.2)
    sinatra (1.2.1)
      rack (~> 1.1)
      tilt (>= 1.2.2, < 2.0)
    tilt (1.2.2)
    url_mount (0.2.1)
      rack

PLATFORMS
  ruby

DEPENDENCIES
  http_router (~> 0.6.0)
  http_router_sinatra!
  sinatra (~> 1.2.0)
